GEM
  remote: https://rubygems.org/
  specs:
    activesupport (4.2.6)
      i18n (~> 0.7)
      json (~> 1.7, >= 1.7.7)
      minitest (~> 5.1)
      thread_safe (~> 0.3, >= 0.3.4)
      tzinfo (~> 1.1)
    addressable (2.4.0)
    ansi (1.5.0)
    ast (2.3.0)
    byebug (8.2.5)
    coderay (1.1.1)
    eventmachine (1.2.0.1)
    faraday (0.9.2)
      multipart-post (>= 1.2, < 3)
    faraday_middleware (0.9.2)
      faraday (>= 0.7.4, < 0.10)
    faraday_middleware-parse_oj (0.3.0)
      faraday (~> 0.9.0)
      faraday_middleware (~> 0.9.1)
      oj (~> 2.0)
    faye-websocket (0.10.3)
      eventmachine (>= 0.12.0)
      websocket-driver (>= 0.5.1)
    giphy (2.0.2)
      faraday (~> 0.9)
      faraday_middleware (~> 0.9)
      faraday_middleware-parse_oj (~> 0.3)
      launchy (~> 2.4)
    gli (2.13.4)
    hashie (3.4.3)
    i18n (0.7.0)
    json (1.8.3)
    launchy (2.4.3)
      addressable (~> 2.3)
    method_source (0.8.2)
    minitest (5.8.4)
    multipart-post (2.0.0)
    oga (2.2)
      ast
      ruby-ll (~> 2.1)
    oj (2.15.0)
    pry (0.10.3)
      coderay (~> 1.1.0)
      method_source (~> 0.8.1)
      slop (~> 3.4)
    pry-byebug (3.3.0)
      byebug (~> 8.0)
      pry (~> 0.10)
    rake (11.1.2)
    ruby-ll (2.1.2)
      ansi
      ast
    slack-ruby-bot (0.7.0)
      activesupport
      faye-websocket
      giphy (~> 2.0.2)
      hashie
      slack-ruby-client (>= 0.6.0)
    slack-ruby-client (0.7.0)
      activesupport
      faraday
      faraday_middleware
      gli
      hashie
      json
      websocket-driver
    slop (3.6.0)
    thread_safe (0.3.5)
    tzinfo (1.2.2)
      thread_safe (~> 0.1)
    websocket-driver (0.6.3)
      websocket-extensions (>= 0.1.0)
    websocket-extensions (0.1.2)

PLATFORMS
  ruby

DEPENDENCIES
  oga
  pry-byebug
  rake
  slack-ruby-bot

BUNDLED WITH
   1.11.2
